GEM
  remote: http://rubygems.org/
  specs:
    coderay (1.0.7)
    json (1.7.3)
    methadone (1.2.1)
      bundler
    method_source (0.7.1)
    pry (0.9.9.6)
      coderay (~> 1.0.5)
      method_source (~> 0.7.1)
      slop (>= 2.4.4, < 3)
    slop (2.4.4)
    ya2yaml (0.31)

PLATFORMS
  ruby

DEPENDENCIES
  json
  methadone
  pry
  ya2yaml
